GIT
  remote: git@gitlab.yoomee.com:yoomee/ym_test.git
  revision: 8fcea7b485a076919b313443767192a360fb9361
  specs:
    ym_test (0.0.1)
      capybara-webkit
      cucumber-rails
      database_cleaner
      factory_girl_rails
      jquery-rails
      poltergeist
      rails (~> 4.1.1)
      rspec-rails (~> 2.0)
      shoulda-matchers
      webmock

GIT
  remote: https://deploy:LuYWriTWj8zHKjGwqgfmo9xqQHuXeVLE@gitlab.yoomee.com/yoomee/ym_core.git
  revision: 1aea727c77e15596b7bdace83c1a665f18875f17
  ref: 1aea727c77e15596b7bdace83c1a665f18875f17
  branch: rails-4
  specs:
    ym_core (1.1.10)
      bootstrap-sass (~> 3.0)
      bootstrap-will_paginate (~> 0.0.6)
      dragonfly (~> 0.9.10)
      formtastic (~> 2.3.0.rc3)
      formtastic-bootstrap (~> 3.0)
      haml-rails
      html_truncator (~> 0.2)
      jquery-rails
      jquery-ui-rails
      rack-cache
      rails (~> 4.1.0)
      rails_config (~> 0.2.6)
      randumb
      rinku
      sass-rails (>= 4.0.3)
      will_paginate (~> 3.0.3)

GIT
  remote: https://deploy:LuYWriTWj8zHKjGwqgfmo9xqQHuXeVLE@gitlab.yoomee.com/yoomee/ym_likes.git
  revision: 2dba38688682301467568483d55e032eb888d115
  branch: rails-4
  specs:
    ym_likes (0.2.2)

GIT
  remote: https://deploy:LuYWriTWj8zHKjGwqgfmo9xqQHuXeVLE@gitlab.yoomee.com/yoomee/ym_notifications.git
  revision: 9f0597b591e24a5017d0ad18ef5f55dc6f490799
  branch: rails-4
  specs:
    ym_notifications (1.0.13)
      ym_core (~> 1.0)
      ym_users (~> 1.0)

GIT
  remote: https://deploy:LuYWriTWj8zHKjGwqgfmo9xqQHuXeVLE@gitlab.yoomee.com/yoomee/ym_posts.git
  revision: 41568bbc65b6216f814204e1a7d4704f0b3eb0c1
  branch: rails-4
  specs:
    ym_posts (1.0.6)
      jquery-rails
      remotipart (~> 1.0)
      ym_core (~> 1.0)
      ym_notifications (~> 1.0)
      ym_tags (~> 1.0)
      ym_users (~> 1.0)
      ym_videos (~> 2.0)

GIT
  remote: https://deploy:LuYWriTWj8zHKjGwqgfmo9xqQHuXeVLE@gitlab.yoomee.com/yoomee/ym_tags.git
  revision: 459fac469b7439b730b73fbf1b1cf9ac4f499230
  branch: rails-4
  specs:
    ym_tags (1.0.4)
      acts-as-taggable-on (~> 3.2.1)
      rails3-jquery-autocomplete
      ym_core (~> 1.0)

GIT
  remote: https://deploy:LuYWriTWj8zHKjGwqgfmo9xqQHuXeVLE@gitlab.yoomee.com/yoomee/ym_users.git
  revision: 4e8c2d4a4452f46d33b2c64645b4a101b34012e0
  branch: rails-4
  specs:
    ym_users (1.1.1)
      cancancan (~> 1.8)
      devise (~> 3.2.4)
      rails (~> 4.1.1)
      ym_core

GIT
  remote: https://deploy:LuYWriTWj8zHKjGwqgfmo9xqQHuXeVLE@gitlab.yoomee.com/yoomee/ym_videos.git
  revision: 7f3a5a08dcc20c71961411a52390d0a493e1f410
  branch: rails-4
  specs:
    ym_videos (2.0.0)
      rails (~> 4.1.1)
      video_info (~> 0.4.0)

GEM
  remote: https://yoomee:wLjuGMTu30AvxVyIrq3datc73LVUkvo@gems.yoomee.com/
  remote: https://rubygems.org/
  specs:
    actionmailer (4.1.1)
      actionpack (= 4.1.1)
      actionview (= 4.1.1)
      mail (~> 2.5.4)
    actionpack (4.1.1)
      actionview (= 4.1.1)
      activesupport (= 4.1.1)
      rack (~> 1.5.2)
      rack-test (~> 0.6.2)
    actionview (4.1.1)
      activesupport (= 4.1.1)
      builder (~> 3.1)
      erubis (~> 2.7.0)
    activemodel (4.1.1)
      activesupport (= 4.1.1)
      builder (~> 3.1)
    activerecord (4.1.1)
      activemodel (= 4.1.1)
      activesupport (= 4.1.1)
      arel (~> 5.0.0)
    activesupport (4.1.1)
      i18n (~> 0.6, >= 0.6.9)
      json (~> 1.7, >= 1.7.7)
      minitest (~> 5.1)
      thread_safe (~> 0.1)
      tzinfo (~> 1.1)
    acts-as-taggable-on (3.2.6)
      activerecord (>= 3, < 5)
    addressable (2.3.6)
    arel (5.0.1.20140414130214)
    bcrypt (3.1.9)
    bootstrap-sass (3.3.1.0)
      sass (~> 3.2)
    bootstrap-will_paginate (0.0.10)
      will_paginate
    builder (3.2.2)
    cancancan (1.8.4)
    capybara (2.3.0)
      mime-types (>= 1.16)
      nokogiri (>= 1.3.3)
      rack (>= 1.0.0)
      rack-test (>= 0.5.4)
      xpath (~> 2.0)
    capybara-webkit (1.1.0)
      capybara (~> 2.0, >= 2.0.2)
      json
    cliver (0.3.2)
    coffee-rails (4.0.1)
      coffee-script (>= 2.2.0)
      railties (>= 4.0.0, < 5.0)
    coffee-script (2.2.0)
      coffee-script-source
      execjs
    coffee-script-source (1.7.0)
    columnize (0.8.9)
    crack (0.4.2)
      safe_yaml (~> 1.0.0)
    cucumber (1.3.15)
      builder (>= 2.1.2)
      diff-lcs (>= 1.1.3)
      gherkin (~> 2.12)
      multi_json (>= 1.7.5, < 2.0)
      multi_test (>= 0.1.1)
    cucumber-rails (1.4.1)
      capybara (>= 1.1.2, < 3)
      cucumber (>= 1.3.8, < 2)
      mime-types (~> 1.16)
      nokogiri (~> 1.5)
      rails (>= 3, < 5)
    database_cleaner (1.3.0)
    debugger (1.6.6)
      columnize (>= 0.3.1)
      debugger-linecache (~> 1.2.0)
      debugger-ruby_core_source (~> 1.3.2)
    debugger-linecache (1.2.0)
    debugger-ruby_core_source (1.3.5)
    devise (3.2.4)
      bcrypt (~> 3.0)
      orm_adapter (~> 0.1)
      railties (>= 3.2.6, < 5)
      thread_safe (~> 0.1)
      warden (~> 1.2.3)
    diff-lcs (1.2.5)
    dragonfly (0.9.15)
      multi_json (~> 1.0)
      rack
    erubis (2.7.0)
    excon (0.39.5)
    execjs (2.0.2)
    factory_girl (4.4.0)
      activesupport (>= 3.0.0)
    factory_girl_rails (4.4.1)
      factory_girl (~> 4.4.0)
      railties (>= 3.0.0)
    fog (1.9.0)
      builder
      excon (~> 0.14)
      formatador (~> 0.2.0)
      mime-types
      multi_json (~> 1.0)
      net-scp (~> 1.0.4)
      net-ssh (>= 2.1.3)
      nokogiri (~> 1.5.0)
      ruby-hmac
    formatador (0.2.5)
    formtastic (2.3.1)
      actionpack (>= 3.0)
    formtastic-bootstrap (3.0.0)
      formtastic (>= 2.2)
    friendly_id (5.0.3)
      activerecord (>= 4.0.0)
    geocoder (1.2.1)
    gherkin (2.12.2)
      multi_json (~> 1.3)
    haml (4.0.6)
      tilt
    haml-rails (0.5.3)
      actionpack (>= 4.0.1)
      activesupport (>= 4.0.1)
      haml (>= 3.1, < 5.0)
      railties (>= 4.0.1)
    hike (1.2.3)
    hpricot (0.8.6)
    html_truncator (0.4.0)
      nokogiri (~> 1.5)
    i18n (0.6.11)
    jbuilder (2.0.7)
      activesupport (>= 3.0.0, < 5)
      multi_json (~> 1.2)
    jquery-rails (3.1.2)
      railties (>= 3.0, < 5.0)
      thor (>= 0.14, < 2.0)
    jquery-ui-rails (4.2.1)
      railties (>= 3.2.16)
    json (1.8.1)
    launchy (2.4.2)
      addressable (~> 2.3)
    letter_opener (1.2.0)
      launchy (~> 2.2)
    mail (2.5.4)
      mime-types (~> 1.16)
      treetop (~> 1.4.8)
    mime-types (1.25.1)
    minitest (5.4.3)
    multi_json (1.10.1)
    multi_test (0.1.1)
    net-scp (1.0.4)
      net-ssh (>= 1.99.1)
    net-ssh (2.9.1)
    nokogiri (1.5.11)
    orm_adapter (0.5.0)
    parsley-rails (2.0.5.0)
      railties (>= 3.0.0)
    pg (0.17.1)
    pg_search (0.7.4)
      activerecord (>= 3.1)
      activesupport (>= 3.1)
      arel
    poltergeist (1.5.1)
      capybara (~> 2.1)
      cliver (~> 0.3.1)
      multi_json (~> 1.0)
      websocket-driver (>= 0.2.0)
    polyglot (0.3.5)
    rack (1.5.2)
    rack-cache (1.2)
      rack (>= 0.4)
    rack-test (0.6.2)
      rack (>= 1.0)
    rails (4.1.1)
      actionmailer (= 4.1.1)
      actionpack (= 4.1.1)
      actionview (= 4.1.1)
      activemodel (= 4.1.1)
      activerecord (= 4.1.1)
      activesupport (= 4.1.1)
      bundler (>= 1.3.0, < 2.0)
      railties (= 4.1.1)
      sprockets-rails (~> 2.0)
    rails3-jquery-autocomplete (1.0.14)
      rails (>= 3.0)
    rails_12factor (0.0.2)
      rails_serve_static_assets
      rails_stdout_logging
    rails_config (0.2.7)
      activesupport (>= 3.0)
    rails_serve_static_assets (0.0.2)
    rails_stdout_logging (0.0.3)
    railties (4.1.1)
      actionpack (= 4.1.1)
      activesupport (= 4.1.1)
      rake (>= 0.8.7)
      thor (>= 0.18.1, < 2.0)
    rake (10.4.2)
    randumb (0.5.0)
      activerecord (>= 3.0.0)
      activesupport (>= 3.0.0)
      rake
    rdoc (4.1.1)
      json (~> 1.4)
    remotipart (1.2.1)
    rinku (1.7.3)
    rspec-collection_matchers (1.0.0)
      rspec-expectations (>= 2.99.0.beta1)
    rspec-core (2.99.0)
    rspec-expectations (2.99.0)
      diff-lcs (>= 1.1.3, < 2.0)
    rspec-mocks (2.99.1)
    rspec-rails (2.99.0)
      actionpack (>= 3.0)
      activemodel (>= 3.0)
      activesupport (>= 3.0)
      railties (>= 3.0)
      rspec-collection_matchers
      rspec-core (~> 2.99.0)
      rspec-expectations (~> 2.99.0)
      rspec-mocks (~> 2.99.0)
    ruby-hmac (0.4.0)
    safe_yaml (1.0.3)
    sass (3.2.19)
    sass-rails (4.0.5)
      railties (>= 4.0.0, < 5.0)
      sass (~> 3.2.2)
      sprockets (~> 2.8, < 3.0)
      sprockets-rails (~> 2.0)
    sdoc (0.4.0)
      json (~> 1.8)
      rdoc (~> 4.0, < 5.0)
    select2-rails (3.5.7)
      thor (~> 0.14)
    shoulda-matchers (2.6.1)
      activesupport (>= 3.0.0)
    spring (1.1.3)
    spring-commands-cucumber (1.0.1)
      spring (>= 0.9.1)
    spring-commands-rspec (1.0.2)
      spring (>= 0.9.1)
    sprockets (2.12.3)
      hike (~> 1.2)
      multi_json (~> 1.0)
      rack (~> 1.0)
      tilt (~> 1.1, != 1.3.0)
    sprockets-rails (2.2.2)
      actionpack (>= 3.0)
      activesupport (>= 3.0)
      sprockets (>= 2.8, < 4.0)
    stamp (0.5.0)
    thor (0.19.1)
    thread_safe (0.3.4)
    tilt (1.4.1)
    treetop (1.4.15)
      polyglot
      polyglot (>= 0.3.1)
    turbolinks (2.2.2)
      coffee-rails
    tzinfo (1.2.2)
      thread_safe (~> 0.1)
    uglifier (2.5.0)
      execjs (>= 0.3.0)
      json (>= 1.8.0)
    video_info (0.4.0)
      hpricot (~> 0.8.4)
    warden (1.2.3)
      rack (>= 1.0)
    webmock (1.18.0)
      addressable (>= 2.3.6)
      crack (>= 0.3.2)
    websocket-driver (0.3.3)
    will_paginate (3.0.7)
    xpath (2.0.0)
      nokogiri (~> 1.3)

PLATFORMS
  ruby

DEPENDENCIES
  cancancan (~> 1.8.0)
  coffee-rails (~> 4.0.0)
  debugger
  fog (~> 1.9.0)
  friendly_id (~> 5.0.0)
  geocoder (~> 1.2.1)
  jbuilder (~> 2.0)
  jquery-rails
  jquery-ui-rails (~> 4.2.1)
  letter_opener
  nokogiri (~> 1.5.0)
  parsley-rails (~> 2.0.0)
  pg
  pg_search
  rails (= 4.1.1)
  rails_12factor
  sass-rails (~> 4.0.3)
  sdoc (~> 0.4.0)
  select2-rails (~> 3.5.7)
  spring
  spring-commands-cucumber
  spring-commands-rspec
  stamp
  turbolinks
  uglifier (>= 1.3.0)
  will_paginate
  ym_core!
  ym_likes!
  ym_notifications!
  ym_posts!
  ym_tags!
  ym_test!
  ym_users!
  ym_videos!
